GIT
  remote: git://github.com/Pablo-Merino/one_password.git
  revision: 9e00dff9588caf97bf6cbee086ab20e4836b0a13
  specs:
    one_password (0.0.2)
      activesupport
      pbkdf2

GEM
  remote: https://rubygems.org/
  specs:
    activesupport (4.2.0)
      i18n (~> 0.7)
      json (~> 1.7, >= 1.7.7)
      minitest (~> 5.1)
      thread_safe (~> 0.3, >= 0.3.4)
      tzinfo (~> 1.1)
    highline (1.6.21)
    i18n (0.7.0)
    json (1.8.2)
    log4r (1.1.10)
    minitest (5.5.1)
    pbkdf2 (0.1.0)
    thread_safe (0.3.4)
    tzinfo (1.2.2)
      thread_safe (~> 0.1)

PLATFORMS
  ruby

DEPENDENCIES
  highline
  log4r
  one_password!
